GEM
  remote: http://rubygems.org/
  specs:
    activemodel (3.1.0)
      activesupport (= 3.1.0)
      bcrypt-ruby (~> 3.0.0)
      builder (~> 3.0.0)
      i18n (~> 0.6)
    activerecord (3.1.0)
      activemodel (= 3.1.0)
      activesupport (= 3.1.0)
      arel (~> 2.2.1)
      tzinfo (~> 0.3.29)
    activesupport (3.1.0)
      multi_json (~> 1.0)
    arel (2.2.1)
    bcrypt-ruby (3.0.0)
    builder (3.0.0)
    flickr_fu (0.3.0)
      mime-types (> 0.0.0)
      xml-magic (> 0.0.0)
    i18n (0.6.0)
    mail (2.2.19)
      activesupport (>= 2.3.6)
      i18n (>= 0.4.0)
      mime-types (~> 1.16)
      treetop (~> 1.4.8)
    mime-types (1.16)
    multi_json (1.0.3)
    mysql2 (0.3.7)
    polyglot (0.3.2)
    rack (1.3.2)
    sinatra (1.2.6)
      rack (~> 1.1)
      tilt (< 2.0, >= 1.2.2)
    sqlite3-ruby (1.2.5)
    tilt (1.3.3)
    treetop (1.4.10)
      polyglot
      polyglot (>= 0.3.1)
    tzinfo (0.3.29)
    unicorn (1.1.0)
      rack
    xml-magic (0.1.1)

PLATFORMS
  ruby

DEPENDENCIES
  activerecord (~> 3.1.0)
  flickr_fu (= 0.3.0)
  mail (~> 2.2.5)
  mime-types (~> 1.16)
  multi_json (~> 1.0.3)
  mysql2 (~> 0.3.7)
  sinatra (~> 1.2)
  sqlite3-ruby (= 1.2.5)
  tzinfo (~> 0.3.29)
  unicorn (= 1.1.0)
