GEM
  remote: http://rubygems.org/
  specs:
    activerecord (2.3.8)
      activesupport (= 2.3.8)
    activesupport (2.3.8)
    flickr_fu (0.3.0)
      mime-types (> 0.0.0)
      xml-magic (> 0.0.0)
    mail (2.2.5)
      activesupport (>= 2.3.6)
      mime-types
      treetop (>= 1.4.5)
    mime-types (1.16)
    mysql (2.8.1)
    polyglot (0.3.1)
    rack (1.2.1)
    sinatra (1.0)
      rack (>= 1.0)
    sqlite3-ruby (1.2.5)
    treetop (1.4.8)
      polyglot (>= 0.3.1)
    tzinfo (0.3.22)
    unicorn (1.1.0)
      rack
    xml-magic (0.1.1)

PLATFORMS
  ruby

DEPENDENCIES
  activerecord (= 2.3.8)
  flickr_fu (= 0.3.0)
  mail (= 2.2.5)
  mysql (= 2.8.1)
  sinatra (= 1.0)
  sqlite3-ruby (= 1.2.5)
  tzinfo (= 0.3.22)
  unicorn (= 1.1.0)
